GEM
  remote: http://rubygems.org/
  specs:
    actionmailer (2.3.8)
      actionpack (= 2.3.8)
    actionpack (2.3.8)
      activesupport (= 2.3.8)
      rack (~> 1.1.0)
    activerecord (2.3.8)
      activesupport (= 2.3.8)
    activeresource (2.3.8)
      activesupport (= 2.3.8)
    activesupport (2.3.8)
    authlogic (2.1.6)
      activesupport
    aws-s3 (0.6.2)
      builder
      mime-types
      xml-simple
    builder (2.1.2)
    configuration (1.2.0)
    geokit (1.5.0)
    heroku (1.8.3)
      json_pure (~> 1.2.0)
      launchy (~> 0.3.2)
      rest-client (~> 1.3.0)
    json_pure (1.2.4)
    launchy (0.3.7)
      configuration (>= 0.0.5)
      rake (>= 0.8.1)
    mime-types (1.16)
    nifty-generators (0.4.2)
    paperclip (2.3.5)
      activerecord
      activesupport
    paths_of_glory (0.1.5)
    rack (1.1.0)
    rails (2.3.8)
      actionmailer (= 2.3.8)
      actionpack (= 2.3.8)
      activerecord (= 2.3.8)
      activeresource (= 2.3.8)
      activesupport (= 2.3.8)
      rake (>= 0.8.3)
    rake (0.8.7)
    rest-client (1.3.1)
      mime-types (>= 1.16)
    sqlite3-ruby (1.2.5)
    vote_fu (0.0.11)
    xml-simple (1.0.12)

PLATFORMS
  ruby

DEPENDENCIES
  authlogic
  aws-s3
  geokit
  heroku (= 1.8.3)
  nifty-generators
  paperclip
  paths_of_glory
  rails (= 2.3.8)
  sqlite3-ruby (= 1.2.5)
  vote_fu
